GEM
  remote: https://rubygems.org/
  specs:
    mail (2.7.0)
      mini_mime (>= 0.1.1)
    mime-types (3.2.2)
      mime-types-data (~> 3.2015)
    mime-types-data (3.2018.0812)
    mini_mime (1.0.1)

PLATFORMS
  ruby

DEPENDENCIES
  mail
  mime-types

BUNDLED WITH
   1.16.6
